GEM
  remote: https://rubygems.org/
  specs:
    byebug (11.1.3)
    faraday (2.7.10)
      faraday-net_http (>= 2.0, < 3.1)
      ruby2_keywords (>= 0.0.4)
    faraday-net_http (3.0.2)
    ruby2_keywords (0.0.5)
    webrick (1.8.1)

PLATFORMS
  arm64-darwin-20

DEPENDENCIES
  byebug (~> 11.1)
  faraday
  webrick

BUNDLED WITH
   2.3.7
